PATH
  remote: .
  specs:
    fql (0.1.0)

GEM
  remote: http://rubygems.org/
  specs:
    fakeweb (1.3.0)
    sqlite3 (1.3.6)

PLATFORMS
  ruby

DEPENDENCIES
  fakeweb
  fql!
  sqlite3
